GEM
  remote: https://rubygems.org/
  specs:
    addressable (2.3.8)
    ast (2.4.2)
    coderay (1.1.3)
    faraday (0.9.2)
      multipart-post (>= 1.2, < 3)
    hashie (5.0.0)
    json (2.6.2)
    method_source (1.0.0)
    multipart-post (2.2.3)
    mustermann (1.1.2)
      ruby2_keywords (~> 0.0.1)
    octokit (2.7.2)
      sawyer (~> 0.5.2)
    parallel (1.22.1)
    parser (3.1.2.1)
      ast (~> 2.4.1)
    pry (0.14.1)
      coderay (~> 1.1)
      method_source (~> 1.0)
    rack (2.2.4)
    rack-protection (2.0.2)
      rack
    rainbow (3.1.1)
    regexp_parser (2.6.0)
    rexml (3.2.5)
    rubocop (1.36.0)
      json (~> 2.3)
      parallel (~> 1.10)
      parser (>= 3.1.2.1)
      rainbow (>= 2.2.2, < 4.0)
      regexp_parser (>= 1.8, < 3.0)
      rexml (>= 3.2.5, < 4.0)
      rubocop-ast (>= 1.20.1, < 2.0)
      ruby-progressbar (~> 1.7)
      unicode-display_width (>= 1.4.0, < 3.0)
    rubocop-ast (1.22.0)
      parser (>= 3.1.1.0)
    ruby-progressbar (1.11.0)
    ruby2_keywords (0.0.5)
    sawyer (0.5.5)
      addressable (~> 2.3.5)
      faraday (~> 0.8, < 0.10)
    sinatra (2.0.2)
      mustermann (~> 1.0)
      rack (~> 2.0)
      rack-protection (= 2.0.2)
      tilt (~> 2.0)
    super_awesome_print_rubocop (0.1.1)
      rubocop
    tilt (2.0.11)
    unicode-display_width (2.3.0)

PLATFORMS
  x86_64-linux

DEPENDENCIES
  hashie
  octokit (~> 2.0)
  pry
  sinatra (= 2.0.2)
  super_awesome_print_rubocop (~> 0.1.1)

BUNDLED WITH
   2.3.24
